GEM
  remote: https://rubygems.org/
  specs:
    sequel (4.4.0)

PLATFORMS
  ruby

DEPENDENCIES
  sequel
